GEM
  remote: https://rubygems.org/
  specs:
    activesupport (4.0.3)
      i18n (~> 0.6, >= 0.6.4)
      minitest (~> 4.2)
      multi_json (~> 1.3)
      thread_safe (~> 0.1)
      tzinfo (~> 0.3.37)
    addressable (2.3.5)
    atomic (1.1.15)
    axiom-types (0.0.5)
      descendants_tracker (~> 0.0.1)
      ice_nine (~> 0.9)
    buftok (0.2.0)
    builder (3.2.2)
    coderay (1.1.0)
    coercible (1.0.0)
      descendants_tracker (~> 0.0.1)
    descendants_tracker (0.0.3)
    equalizer (0.0.9)
    faraday (0.9.0)
      multipart-post (>= 1.2, < 3)
    grape (0.6.1)
      activesupport
      builder
      hashie (>= 1.2.0)
      multi_json (>= 1.3.2)
      multi_xml (>= 0.5.2)
      rack (>= 1.3.0)
      rack-accept
      rack-mount
      virtus (>= 1.0.0)
    hashie (2.0.5)
    http (0.5.0)
      http_parser.rb
    http_parser.rb (0.6.0)
    i18n (0.6.9)
    ice_nine (0.11.0)
    json (1.8.1)
    memoizable (0.4.0)
      thread_safe (~> 0.1.3)
    method_source (0.8.2)
    minitest (4.7.5)
    multi_json (1.8.4)
    multi_xml (0.5.5)
    multipart-post (2.0.0)
    naught (1.0.0)
    pry (0.9.12.6)
      coderay (~> 1.0)
      method_source (~> 0.8)
      slop (~> 3.4)
    rack (1.5.2)
    rack-accept (0.4.5)
      rack (>= 0.4)
    rack-mount (0.8.3)
      rack (>= 1.0.0)
    rake (10.1.1)
    sequel (4.7.0)
    settingslogic (2.0.9)
    simple_oauth (0.2.0)
    slop (3.4.7)
    sqlite3 (1.3.9)
    thread_safe (0.1.3)
      atomic
    twitter (5.7.1)
      addressable (~> 2.3)
      buftok (~> 0.2.0)
      equalizer (~> 0.0.9)
      faraday (~> 0.9.0)
      http (~> 0.5.0)
      http_parser.rb (~> 0.6.0)
      json (~> 1.8)
      memoizable (~> 0.4.0)
      naught (~> 1.0)
      simple_oauth (~> 0.2.0)
    tzinfo (0.3.38)
    virtus (1.0.1)
      axiom-types (~> 0.0.5)
      coercible (~> 1.0)
      descendants_tracker (~> 0.0.1)
      equalizer (~> 0.0.7)

PLATFORMS
  ruby

DEPENDENCIES
  grape
  pry
  rake
  sequel
  settingslogic
  sqlite3
  twitter
