GEM
  remote: https://rubygems.org/
  specs:
    addressable (2.3.5)
    atomic (1.1.15)
    buftok (0.2.0)
    claide (0.4.0)
    coderay (1.1.0)
    diff-lcs (1.2.5)
    equalizer (0.0.9)
    faraday (0.9.0)
      multipart-post (>= 1.2, < 3)
    http (0.5.0)
      http_parser.rb
    http_parser.rb (0.6.0)
    json (1.8.1)
    jsonsql (0.1.0)
      claide
      sequel
      sqlite3
    memoizable (0.4.0)
      thread_safe (~> 0.1.3)
    method_source (0.8.2)
    multipart-post (2.0.0)
    naught (1.0.0)
    pry (0.9.12.6)
      coderay (~> 1.0)
      method_source (~> 0.8)
      slop (~> 3.4)
    rake (10.1.1)
    rspec (2.14.1)
      rspec-core (~> 2.14.0)
      rspec-expectations (~> 2.14.0)
      rspec-mocks (~> 2.14.0)
    rspec-core (2.14.7)
    rspec-expectations (2.14.5)
      diff-lcs (>= 1.1.3, < 2.0)
    rspec-mocks (2.14.6)
    sequel (4.7.0)
    settingslogic (2.0.9)
    simple_oauth (0.2.0)
    slop (3.4.7)
    sqlite3 (1.3.9)
    thread_safe (0.1.3)
      atomic
    twitter (5.7.1)
      addressable (~> 2.3)
      buftok (~> 0.2.0)
      equalizer (~> 0.0.9)
      faraday (~> 0.9.0)
      http (~> 0.5.0)
      http_parser.rb (~> 0.6.0)
      json (~> 1.8)
      memoizable (~> 0.4.0)
      naught (~> 1.0)
      simple_oauth (~> 0.2.0)

PLATFORMS
  ruby

DEPENDENCIES
  jsonsql
  pry
  rake
  rspec
  sequel
  settingslogic
  sqlite3
  twitter
